GEM
  remote: http://rubygems.org/
  specs:
    RedCloth (4.2.9)
    blankslate (3.1.3)
    classifier (1.3.4)
      fast-stemmer (>= 1.0.0)
    colorator (0.1)
    colorize (0.7.7)
    commander (4.1.6)
      highline (~> 1.6.11)
    csscss (1.3.3)
      colorize
      parslet (>= 1.6.1, < 2.0)
    directory_watcher (1.4.1)
    fast-stemmer (1.0.2)
    growl (1.0.3)
    highline (1.6.21)
    jekyll (1.1.1)
      classifier (~> 1.3)
      colorator (~> 0.1)
      commander (~> 4.1.3)
      directory_watcher (~> 1.4.1)
      kramdown (~> 1.0.2)
      liquid (~> 2.3)
      maruku (~> 0.5)
      pygments.rb (~> 0.5.0)
      redcarpet (~> 2.2.2)
      safe_yaml (~> 0.7.0)
    kramdown (1.0.2)
    liquid (2.6.3)
    maruku (0.7.2)
    parslet (1.7.1)
      blankslate (>= 2.0, <= 4.0)
    posix-spawn (0.3.11)
    pygments.rb (0.5.4)
      posix-spawn (~> 0.3.6)
      yajl-ruby (~> 1.1.0)
    redcarpet (2.2.2)
    safe_yaml (0.7.1)
    yajl-ruby (1.1.0)

PLATFORMS
  ruby

DEPENDENCIES
  RedCloth
  csscss (~> 1.3.1)
  growl
  jekyll (~> 1.1.1)
  liquid (~> 2.6.2)
  redcarpet

BUNDLED WITH
   1.10.6
